PATH
  remote: .
  specs:
    story_time (0.0.1)
      harvested (~> 3.1)
      pivotal-tracker (~> 0.5)

GEM
  remote: https://rubygems.org/
  specs:
    builder (3.2.2)
    crack (0.4.2)
      safe_yaml (~> 1.0.0)
    diff-lcs (1.2.5)
    dotenv (1.0.2)
    happymapper (0.4.1)
      libxml-ruby (~> 2.0)
    harvested (3.1.0)
      hashie
      httparty
      json
    hashie (3.3.2)
    httparty (0.13.3)
      json (~> 1.8)
      multi_xml (>= 0.5.2)
    json (1.8.2)
    libxml-ruby (2.8.0)
    mime-types (1.25.1)
    mini_portile (0.6.2)
    multi_xml (0.5.5)
    nokogiri (1.6.5)
      mini_portile (~> 0.6.0)
    nokogiri-happymapper (0.5.9)
      nokogiri (~> 1.5)
    pivotal-tracker (0.5.12)
      builder
      crack
      happymapper (>= 0.3.2)
      nokogiri (>= 1.4.3)
      nokogiri (>= 1.4.3)
      nokogiri (>= 1.4.3)
      nokogiri (>= 1.4.3)
      nokogiri (>= 1.4.3)
      nokogiri (>= 1.4.3)
      nokogiri (>= 1.4.3)
      nokogiri (>= 1.4.3)
      nokogiri (>= 1.4.3)
      nokogiri (>= 1.4.3)
      nokogiri (>= 1.4.3)
      nokogiri (>= 1.4.3)
      nokogiri (>= 1.4.3)
      nokogiri (>= 1.4.3)
      nokogiri (>= 1.4.3)
      nokogiri (>= 1.4.3)
      nokogiri (>= 1.4.3)
      nokogiri (>= 1.4.3)
      nokogiri (>= 1.4.3)
      nokogiri (>= 1.4.3)
      nokogiri (>= 1.4.3)
      nokogiri (>= 1.4.3)
      nokogiri (>= 1.4.3)
      nokogiri (>= 1.4.3)
      nokogiri (>= 1.4.3)
      nokogiri (>= 1.4.3)
      nokogiri (>= 1.4.3)
      nokogiri (>= 1.4.3)
      nokogiri (>= 1.4.3)
      nokogiri (>= 1.4.3)
      nokogiri (>= 1.4.3)
      nokogiri (>= 1.4.3)
      nokogiri (>= 1.4.3)
      nokogiri (>= 1.4.3)
      nokogiri (>= 1.4.3)
      nokogiri (>= 1.4.3)
      nokogiri (>= 1.4.3)
      nokogiri (>= 1.4.3)
      nokogiri (>= 1.4.3)
      nokogiri (>= 1.4.3)
      nokogiri (>= 1.4.3)
      nokogiri (>= 1.4.3)
      nokogiri (>= 1.4.3)
      nokogiri (>= 1.4.3)
      nokogiri (>= 1.4.3)
      nokogiri (>= 1.4.3)
      nokogiri (>= 1.4.3)
      nokogiri (>= 1.4.3)
      nokogiri (>= 1.4.3)
      nokogiri (>= 1.4.3)
      nokogiri (>= 1.4.3)
      nokogiri (>= 1.4.3)
      nokogiri (>= 1.4.3)
      nokogiri (>= 1.4.3)
      nokogiri (>= 1.4.3)
      nokogiri (>= 1.4.3)
      nokogiri (>= 1.4.3)
      nokogiri (>= 1.4.3)
      nokogiri (>= 1.4.3)
      nokogiri (>= 1.4.3)
      nokogiri (>= 1.4.3)
      nokogiri (>= 1.4.3)
      nokogiri (>= 1.4.3)
      nokogiri (>= 1.4.3)
      nokogiri (>= 1.4.3)
      nokogiri (>= 1.4.3)
      nokogiri (>= 1.4.3)
      nokogiri (>= 1.4.3)
      nokogiri (>= 1.4.3)
      nokogiri (>= 1.4.3)
      nokogiri (>= 1.4.3)
      nokogiri (>= 1.4.3)
      nokogiri (>= 1.4.3)
      nokogiri (>= 1.4.3)
      nokogiri (>= 1.4.3)
      nokogiri (>= 1.4.3)
      nokogiri (>= 1.4.3)
      nokogiri (>= 1.4.3)
      nokogiri (>= 1.4.3)
      nokogiri (>= 1.4.3)
      nokogiri (>= 1.4.3)
      nokogiri (>= 1.4.3)
      nokogiri (>= 1.4.3)
      nokogiri (>= 1.4.3)
      nokogiri (>= 1.4.3)
      nokogiri (>= 1.4.3)
      nokogiri (>= 1.4.3)
      nokogiri (>= 1.4.3)
      nokogiri (>= 1.4.3)
      nokogiri (>= 1.4.3)
      nokogiri (>= 1.4.3)
      nokogiri (>= 1.4.3)
      nokogiri (>= 1.4.3)
      nokogiri (>= 1.4.3)
      nokogiri (>= 1.4.3)
      nokogiri (>= 1.4.3)
      nokogiri (>= 1.4.3)
      nokogiri (>= 1.4.3)
      nokogiri (>= 1.4.3)
      nokogiri (>= 1.4.3)
      nokogiri (>= 1.4.3)
      nokogiri (>= 1.4.3)
      nokogiri (>= 1.4.3)
      nokogiri (>= 1.4.3)
      nokogiri (>= 1.4.3)
      nokogiri (>= 1.4.3)
      nokogiri (>= 1.4.3)
      nokogiri (>= 1.4.3)
      nokogiri (>= 1.4.3)
      nokogiri (>= 1.4.3)
      nokogiri (>= 1.4.3)
      nokogiri (>= 1.4.3)
      nokogiri (>= 1.4.3)
      nokogiri (>= 1.4.3)
      nokogiri (>= 1.4.3)
      nokogiri (>= 1.4.3)
      nokogiri (>= 1.4.3)
      nokogiri (>= 1.4.3)
      nokogiri (>= 1.4.3)
      nokogiri (>= 1.4.3)
      nokogiri (>= 1.4.3)
      nokogiri (>= 1.4.3)
      nokogiri (>= 1.4.3)
      nokogiri (>= 1.4.3)
      nokogiri (>= 1.4.3)
      nokogiri (>= 1.4.3)
      nokogiri (>= 1.4.3)
      nokogiri (>= 1.4.3)
      nokogiri (>= 1.4.3)
      nokogiri (>= 1.4.3)
      nokogiri (>= 1.4.3)
      nokogiri (>= 1.4.3)
      nokogiri (>= 1.4.3)
      nokogiri (>= 1.4.3)
      nokogiri (>= 1.4.3)
      nokogiri (>= 1.4.3)
      nokogiri (>= 1.4.3)
      nokogiri (>= 1.4.3)
      nokogiri (>= 1.4.3)
      nokogiri (>= 1.4.3)
      nokogiri (>= 1.4.3)
      nokogiri (>= 1.4.3)
      nokogiri (>= 1.4.3)
      nokogiri (>= 1.4.3)
      nokogiri (>= 1.4.3)
      nokogiri (>= 1.4.3)
      nokogiri (>= 1.4.3)
      nokogiri (>= 1.4.3)
      nokogiri (>= 1.4.3)
      nokogiri (>= 1.4.3)
      nokogiri (>= 1.4.3)
      nokogiri (>= 1.4.3)
      nokogiri (>= 1.4.3)
      nokogiri (>= 1.4.3)
      nokogiri (>= 1.4.3)
      nokogiri (>= 1.4.3)
      nokogiri (>= 1.4.3)
      nokogiri (>= 1.4.3)
      nokogiri (>= 1.4.3)
      nokogiri (>= 1.4.3)
      nokogiri (>= 1.4.3)
      nokogiri (>= 1.4.3)
      nokogiri (>= 1.4.3)
      nokogiri (>= 1.4.3)
      nokogiri (>= 1.4.3)
      nokogiri (>= 1.4.3)
      nokogiri (>= 1.4.3)
      nokogiri (>= 1.4.3)
      nokogiri (>= 1.4.3)
      nokogiri (>= 1.4.3)
      nokogiri (>= 1.4.3)
      nokogiri (>= 1.4.3)
      nokogiri (>= 1.4.3)
      nokogiri (>= 1.4.3)
      nokogiri (>= 1.4.3)
      nokogiri (>= 1.4.3)
      nokogiri (>= 1.4.3)
      nokogiri (>= 1.4.3)
      nokogiri (>= 1.4.3)
      nokogiri (>= 1.4.3)
      nokogiri (>= 1.5.5)
      nokogiri (>= 1.5.5)
      nokogiri (>= 1.5.5)
      nokogiri (>= 1.5.5)
      nokogiri (>= 1.5.5)
      nokogiri (>= 1.5.5)
      nokogiri (>= 1.5.5)
      nokogiri (>= 1.5.5)
      nokogiri (>= 1.5.5)
      nokogiri (>= 1.5.5)
      nokogiri (>= 1.5.5)
      nokogiri (>= 1.5.5)
      nokogiri (>= 1.5.5)
      nokogiri (>= 1.5.5)
      nokogiri (>= 1.5.5)
      nokogiri (>= 1.5.5)
      nokogiri (>= 1.5.5)
      nokogiri (>= 1.5.5)
      nokogiri (>= 1.5.5)
      nokogiri (>= 1.5.5)
      nokogiri (>= 1.5.5)
      nokogiri (>= 1.5.5)
      nokogiri (>= 1.5.5)
      nokogiri (>= 1.5.5)
      nokogiri (>= 1.5.5)
      nokogiri (>= 1.5.5)
      nokogiri (>= 1.5.5)
      nokogiri (>= 1.5.5)
      nokogiri (>= 1.5.5)
      nokogiri (>= 1.5.5)
      nokogiri (>= 1.5.5)
      nokogiri (>= 1.5.5)
      nokogiri (>= 1.5.5)
      nokogiri (>= 1.5.5)
      nokogiri (>= 1.5.5)
      nokogiri (>= 1.5.5)
      nokogiri (>= 1.5.5)
      nokogiri (>= 1.5.5)
      nokogiri (>= 1.5.5)
      nokogiri (>= 1.5.5)
      nokogiri (>= 1.5.5)
      nokogiri (>= 1.5.5)
      nokogiri (>= 1.5.5)
      nokogiri (>= 1.5.5)
      nokogiri (>= 1.5.5)
      nokogiri (>= 1.5.5)
      nokogiri (>= 1.5.5)
      nokogiri (>= 1.5.5)
      nokogiri (>= 1.5.5)
      nokogiri (>= 1.5.5)
      nokogiri (>= 1.5.5)
      nokogiri (>= 1.5.5)
      nokogiri (>= 1.5.5)
      nokogiri (>= 1.5.5)
      nokogiri (>= 1.5.5)
      nokogiri (>= 1.5.5)
      nokogiri (>= 1.5.5)
      nokogiri (>= 1.5.5)
      nokogiri (>= 1.5.5)
      nokogiri (>= 1.5.5)
      nokogiri (>= 1.5.5)
      nokogiri (>= 1.5.5)
      nokogiri (>= 1.5.5)
      nokogiri (>= 1.5.5)
      nokogiri (>= 1.5.5)
      nokogiri (>= 1.5.5)
      nokogiri (>= 1.5.5)
      nokogiri (>= 1.5.5)
      nokogiri (>= 1.5.5)
      nokogiri (>= 1.5.5)
      nokogiri (>= 1.5.5)
      nokogiri (>= 1.5.5)
      nokogiri (>= 1.5.5)
      nokogiri (>= 1.5.5)
      nokogiri (>= 1.5.5)
      nokogiri (>= 1.5.5)
      nokogiri (>= 1.5.5)
      nokogiri (>= 1.5.5)
      nokogiri (>= 1.5.5)
      nokogiri (>= 1.5.5)
      nokogiri (>= 1.5.5)
      nokogiri (>= 1.5.5)
      nokogiri (>= 1.5.5)
      nokogiri (>= 1.5.5)
      nokogiri (>= 1.5.5)
      nokogiri (>= 1.5.5)
      nokogiri (>= 1.5.5)
      nokogiri (>= 1.5.5)
      nokogiri (>= 1.5.5)
      nokogiri (>= 1.5.5)
      nokogiri (>= 1.5.5)
      nokogiri (>= 1.5.5)
      nokogiri (>= 1.5.5)
      nokogiri (>= 1.5.5)
      nokogiri (>= 1.5.5)
      nokogiri (>= 1.5.5)
      nokogiri (>= 1.5.5)
      nokogiri (>= 1.5.5)
      nokogiri (>= 1.5.5)
      nokogiri (>= 1.5.5)
      nokogiri (>= 1.5.5)
      nokogiri (>= 1.5.5)
      nokogiri (>= 1.5.5)
      nokogiri (>= 1.5.5)
      nokogiri (>= 1.5.5)
      nokogiri (>= 1.5.5)
      nokogiri (>= 1.5.5)
      nokogiri (>= 1.5.5)
      nokogiri (>= 1.5.5)
      nokogiri (>= 1.5.5)
      nokogiri (>= 1.5.5)
      nokogiri (>= 1.5.5)
      nokogiri (>= 1.5.5)
      nokogiri (>= 1.5.5)
      nokogiri (>= 1.5.5)
      nokogiri (>= 1.5.5)
      nokogiri (>= 1.5.5)
      nokogiri (>= 1.5.5)
      nokogiri (>= 1.5.5)
      nokogiri (>= 1.5.5)
      nokogiri (>= 1.5.5)
      nokogiri (>= 1.5.5)
      nokogiri (>= 1.5.5)
      nokogiri (>= 1.5.5)
      nokogiri (>= 1.5.5)
      nokogiri (>= 1.5.5)
      nokogiri (>= 1.5.5)
      nokogiri (>= 1.5.5)
      nokogiri (>= 1.5.5)
      nokogiri-happymapper (>= 0.5.4)
      rest-client (~> 1.6.0)
    rake (10.4.2)
    rdoc (4.2.0)
    rest-client (1.6.8)
      mime-types (~> 1.16)
      rdoc (>= 2.4.2)
    rspec (3.1.0)
      rspec-core (~> 3.1.0)
      rspec-expectations (~> 3.1.0)
      rspec-mocks (~> 3.1.0)
    rspec-core (3.1.7)
      rspec-support (~> 3.1.0)
    rspec-expectations (3.1.2)
      diff-lcs (>= 1.2.0, < 2.0)
      rspec-support (~> 3.1.0)
    rspec-mocks (3.1.3)
      rspec-support (~> 3.1.0)
    rspec-support (3.1.2)
    safe_yaml (1.0.4)

PLATFORMS
  ruby

DEPENDENCIES
  bundler (~> 1.7)
  dotenv (~> 1.0)
  rake (~> 10.0)
  rspec (~> 3.1)
  story_time!
